GIT
  remote: git://github.com/travis-ci/travis-core.git
  revision: c70ff174e2ceddebcf28a1b4fd92de5c52d6c74e
  branch: master
  specs:
    travis-core (0.0.1)
      actionmailer (~> 3.2.19)
      activerecord (~> 3.2.19)
      coder (~> 0.4.0)
      data_migrations (~> 0.0.1)
      gh
      hashr (~> 0.0.19)
      metriks (~> 0.9.7)
      multi_json
      pusher (~> 0.14.0)
      railties (~> 3.2.19)
      rake
      redis (~> 3.0)
      rollout (~> 1.1.0)
      s3 (~> 0.3)
      simple_states (~> 1.0.0)
      thor (~> 0.14.6)
      travis-config (~> 0.1.0)
      virtus (~> 1.0.0)

GIT
  remote: git://github.com/travis-ci/travis-sidekiqs.git
  revision: 21a2fee158e25252dd78f5fa31e81b4f6583be23
  branch: master
  specs:
    travis-sidekiqs (0.0.1)
      sidekiq

GIT
  remote: git://github.com/travis-ci/travis-support.git
  revision: e7f81093f83bd029cca6508739c5720e57e3d571
  branch: master
  specs:
    travis-support (0.0.1)

GEM
  remote: https://rubygems.org/
  specs:
    actionmailer (3.2.21)
      actionpack (= 3.2.21)
      mail (~> 2.5.4)
    actionpack (3.2.21)
      activemodel (= 3.2.21)
      activesupport (= 3.2.21)
      builder (~> 3.0.0)
      erubis (~> 2.7.0)
      journey (~> 1.0.4)
      rack (~> 1.4.5)
      rack-cache (~> 1.2)
      rack-test (~> 0.6.1)
      sprockets (~> 2.2.1)
    activemodel (3.2.21)
      activesupport (= 3.2.21)
      builder (~> 3.0.0)
    activerecord (3.2.21)
      activemodel (= 3.2.21)
      activesupport (= 3.2.21)
      arel (~> 3.0.2)
      tzinfo (~> 0.3.29)
    activeresource (3.2.21)
      activemodel (= 3.2.21)
      activesupport (= 3.2.21)
    activesupport (3.2.21)
      i18n (~> 0.6, >= 0.6.4)
      multi_json (~> 1.0)
    addressable (2.3.8)
    arel (3.0.3)
    atomic (1.1.99)
    avl_tree (1.2.1)
      atomic (~> 1.1)
    axiom-types (0.1.1)
      descendants_tracker (~> 0.0.4)
      ice_nine (~> 0.11.0)
      thread_safe (~> 0.3, >= 0.3.1)
    backports (3.6.6)
    builder (3.0.4)
    celluloid (0.16.0)
      timers (~> 4.0.0)
    coder (0.4.0)
    coercible (1.0.0)
      descendants_tracker (~> 0.0.1)
    connection_pool (2.1.2)
    data_migrations (0.0.1)
      activerecord
      rake
    descendants_tracker (0.0.4)
      thread_safe (~> 0.3, >= 0.3.1)
    equalizer (0.0.11)
    erubis (2.7.0)
    faraday (0.9.1)
      multipart-post (>= 1.2, < 3)
    gh (0.14.0)
      addressable
      backports
      faraday (~> 0.8)
      multi_json (~> 1.0)
      net-http-persistent (>= 2.7)
      net-http-pipeline
    hashr (0.0.22)
    hike (1.2.3)
    hitimes (1.2.2)
    httpclient (2.6.0.1)
    i18n (0.7.0)
    ice_nine (0.11.1)
    journey (1.0.4)
    json (1.8.3)
    mail (2.5.4)
      mime-types (~> 1.16)
      treetop (~> 1.4.8)
    metriks (0.9.9.7)
      atomic (~> 1.0)
      avl_tree (~> 1.2.0)
      hitimes (~> 1.1)
    micro_migrations (0.0.2)
      activerecord
      railties
    mime-types (1.25.1)
    multi_json (1.11.2)
    multipart-post (2.0.0)
    net-http-persistent (2.9.4)
    net-http-pipeline (1.0.1)
    newrelic_rpm (3.4.2.1)
    pg (0.13.2)
    polyglot (0.3.5)
    proxies (0.2.1)
    pusher (0.14.5)
      httpclient (~> 2.5)
      multi_json (~> 1.0)
      signature (~> 0.1.8)
    rack (1.4.7)
    rack-cache (1.2)
      rack (>= 0.4)
    rack-ssl (1.3.4)
      rack
    rack-test (0.6.3)
      rack (>= 1.0)
    rails (3.2.21)
      actionmailer (= 3.2.21)
      actionpack (= 3.2.21)
      activerecord (= 3.2.21)
      activeresource (= 3.2.21)
      activesupport (= 3.2.21)
      bundler (~> 1.0)
      railties (= 3.2.21)
    rails_12factor (0.0.3)
      rails_serve_static_assets
      rails_stdout_logging
    rails_serve_static_assets (0.0.4)
    rails_stdout_logging (0.0.3)
    railties (3.2.21)
      actionpack (= 3.2.21)
      activesupport (= 3.2.21)
      rack-ssl (~> 1.3.2)
      rake (>= 0.8.7)
      rdoc (~> 3.4)
      thor (>= 0.14.6, < 2.0)
    rake (10.4.2)
    rdoc (3.12.2)
      json (~> 1.4)
    redis (3.2.1)
    redis-namespace (1.5.1)
      redis (~> 3.0, >= 3.0.4)
    rollout (1.1.0)
    s3 (0.3.23)
      proxies (~> 0.2.0)
    sidekiq (3.3.2)
      celluloid (>= 0.16.0)
      connection_pool (>= 2.1.1)
      json
      redis (>= 3.0.6)
      redis-namespace (>= 1.3.1)
    signature (0.1.8)
    simple_states (1.0.1)
      activesupport
      hashr (~> 0.0.10)
    sprockets (2.2.3)
      hike (~> 1.2)
      multi_json (~> 1.0)
      rack (~> 1.0)
      tilt (~> 1.1, != 1.3.0)
    thor (0.14.6)
    thread_safe (0.3.5)
    tilt (1.4.1)
    timers (4.0.1)
      hitimes
    travis-config (0.1.4)
      hashr (~> 0.0)
    treetop (1.4.15)
      polyglot
      polyglot (>= 0.3.1)
    tzinfo (0.3.44)
    virtus (1.0.5)
      axiom-types (~> 0.1)
      coercible (~> 1.0)
      descendants_tracker (~> 0.0, >= 0.0.3)
      equalizer (~> 0.0, >= 0.0.9)

PLATFORMS
  ruby

DEPENDENCIES
  micro_migrations
  newrelic_rpm (~> 3.4.2)
  pg (~> 0.13.2)
  rails (~> 3.2.12)
  rails_12factor
  rake
  travis-core!
  travis-sidekiqs!
  travis-support!

BUNDLED WITH
   1.10.6
